PATH
  remote: .
  specs:
    bcrypt_pbkdf (1.0.1)

GEM
  remote: https://rubygems.org/
  specs:
    ipaddr (1.2.2)
    json (1.8.6)
    minitest (5.14.0)
    openssl (2.1.2)
      ipaddr
    rake (13.0.1)
    rake-compiler (1.1.0)
      rake
    rake-compiler-dock (1.0.1)
    rdoc (3.12.2)
      json (~> 1.4)

PLATFORMS
  ruby

DEPENDENCIES
  bcrypt_pbkdf!
  minitest (>= 5)
  openssl
  rake-compiler (~> 1.1.0)
  rake-compiler-dock (~> 1.0.1)
  rdoc (~> 3.12)

BUNDLED WITH
   2.1.2
